RESTRICTION: == net462
NUGET
  remote: https://relativity.jfrog.io/relativity/api/nuget/v3/nuget-anthology
    Castle.Core (3.3.3)
    Castle.Windsor (3.3.0)
      Castle.Core (>= 3.3)
    ConfigureAwaitChecker.Analyzer (4.0.0)
    CsvHelper (12.1.2)
      System.ValueTuple (>= 4.4)
    EWSoftware.SHFB (2019.8.24)
    extent (0.0.3)
    FileHelpers (3.4.0)
    ILMerge (3.0.29)
    JetBrains.dotCover.CommandLineTools (2019.1.0-eap06)
    kCura.OutsideIn.FI.Win32 (2020.4.0)
    kCura.Relativity.Client (11.2.8.6-DEV)
    Microsoft-WindowsAPICodePack-Core (1.1.3.3)
    Microsoft.Build.Logging.StructuredLogger (1.0.89)
    Moq (4.5.30)
      Castle.Core (>= 3.3.3)
    NBuilder (6.0.0)
    Newtonsoft.Json (6.0.8)
    NUnit (3.11.0)
    NUnit.ConsoleRunner (3.10.0)
    NUnit.Extension.VSProjectLoader (3.8.0)
    NUnitExtras.HierarchicalCategories (1.1.0)
      NUnit (>= 3.11)
    Polly (5.7.0)
    psake (4.7.4)
    Relativity (13.0.30)
    Relativity.AutomatedWorkflows.Services.Interfaces (0.1.1-pre-4)
    Relativity.Kepler (2.7.1)
    Relativity.Kepler.Client (2.6.2)
      Relativity.Kepler (>= 2.6.2)
    Relativity.Kepler.Service (2.7.1)
      Relativity.Kepler (>= 2.7.1)
    Relativity.Logging (2018.11.8)
    Relativity.Logging.Interfaces (2018.11.8)
    Relativity.OAuth2Client (1.5.2)
      Newtonsoft.Json (>= 6.0.8)
      Relativity.OAuth2Client.Interfaces (>= 1.0)
    Relativity.OAuth2Client.Implicit (1.5.2)
      Newtonsoft.Json (>= 6.0.8)
      Relativity.OAuth2Client (>= 1.0)
      Relativity.OAuth2Client.Interfaces (>= 1.0)
    Relativity.OAuth2Client.Interfaces (1.5.2)
    Relativity.Productions.Services.Interfaces (11.0.7)
    Relativity.SecretCatalog (1.0.19)
    Relativity.Services.DataContracts (11.2.151.22)
    Relativity.Services.Interfaces (11.2.151.22)
      Relativity.Services.DataContracts (>= 11.2.151.22)
    Relativity.Services.Interfaces.Private (11.2.151.22)
      Relativity (>= 11.2.151.22)
      Relativity.Kepler (>= 1.0.1.409)
      Relativity.SecretCatalog (>= 1.0.18)
      Relativity.Services.DataContracts (>= 11.2.151.22)
      Relativity.Services.Interfaces (>= 11.2.151.22)
      Relativity.Services.Layout.Interfaces (>= 1.1.46)
      Relativity.Telemetry.DataContracts.Shared (>= 9.4.74)
    Relativity.Services.Layout.Interfaces (11.2.20)
      Relativity.Kepler (>= 2.5)
      Relativity.Kepler.Service (>= 2.5)
      Relativity.Services.DataContracts (>= 11.2.87.15)
    Relativity.Telemetry.DataContracts.Shared (3000.0.1)
    Relativity.Telemetry.Services.Interface (3000.0.1)
    Relativity.Testing.Identification (1.6.0)
      NUnit (>= 3.11)
      NUnitExtras.HierarchicalCategories (>= 1.1)
    relativity.transfer.client (7.2.7)
      Newtonsoft.Json (>= 6.0.8)
      Polly (>= 5.3.1)
      SSH.NET (>= 2016.0)
      System.Reactive (>= 4.0)
    ReportGenerator (4.1.2)
    ReportUnit (1.2.1)
    RhinoMocks (3.6.1)
    Serilog (2.6.0)
    SSH.NET (2016.1.0)
    StyleCop.Analyzers (1.1.118)
    System.Reactive (4.0.0)
    System.ValueTuple (4.5.0)

GROUP integration-tests
RESTRICTION: == net462
NUGET
  remote: https://relativity.jfrog.io/relativity/api/nuget/v3/nuget-anthology
    System.ValueTuple (4.5.0)

GROUP ui-automation
RESTRICTION: == net462
NUGET
  remote: https://relativity.jfrog.io/relativity/api/nuget/v3/nuget-anthology
    Appium.WebDriver (3.0.0.2)
      Castle.Core (>= 3.3.3)
      Newtonsoft.Json (>= 9.0.1)
      Selenium.Support (>= 3.0.1)
      Selenium.WebDriver (>= 3.0.1)
    Castle.Core (4.4.1)
    Newtonsoft.Json (12.0.3)
    Relativity.DataExchange.TestData (1.0.0)
    Selenium.Support (3.8.0)
      Selenium.WebDriver (>= 3.8)
    Selenium.WebDriver (3.8.0)
