RESTRICTION: == net462
NUGET
  remote: https://www.nuget.org/api/v2
    Castle.Core (3.3.3)
    Castle.Windsor (3.3)
      Castle.Core (>= 3.3)
    CsvHelper (12.1.2)
      System.ValueTuple (>= 4.4)
    extent (0.0.3)
    FileHelpers (3.4)
    GitVersion.CommandLine (4.0)
    ILMerge (3.0.29)
    JetBrains.dotCover.CommandLineTools (2019.1.0-eap06)
    Microsoft-WindowsAPICodePack-Core (1.1.3.3)
    Microsoft.Build.Logging.StructuredLogger (1.0.89)
    Moq (4.5.30)
      Castle.Core (>= 3.3.3)
    NBuilder (6.0)
    Newtonsoft.Json (6.0.8)
    NuGetPowerTools (0.29)
    NUnit (3.11)
    NUnit.ConsoleRunner (3.10)
    NUnit.Extension.VSProjectLoader (3.8)
    NUnitExtras.HierarchicalCategories (1.1)
      NUnit (>= 3.11)
    Polly (5.7)
    psake (4.7.4)
    ReportGenerator (4.1.2)
    RhinoMocks (3.6.1)
    Serilog (2.6)
    SSH.NET (2016.0)
    StyleCop.Analyzers (1.1.1-rc.114)
      StyleCop.Analyzers.Unstable (>= 1.1.1.114)
    StyleCop.Analyzers.Unstable (1.1.1.114)
    System.Reactive (4.0)
    System.ValueTuple (4.5)
    ZetaLongPaths (1.0.0.16)
  remote: https://proget.kcura.corp/NuGet/NuGet
    kCura.OutsideIn.FI.Win32 (2019.3.0)
    kCura.Relativity.Client (10.3.142.22)
    Relativity.DataTransfer.MessageService (10.2.0)
      Relativity.Kepler.Client (>= 1.0.1.445)
      Relativity.Telemetry.DataContracts.Shared (>= 9.4.159)
      Relativity.Telemetry.Services.Interface (>= 9.6.88.61)
    relativity.faspmanager (3.7.2.0)
      Newtonsoft.Json (>= 6.0.8)
      NuGetPowerTools (>= 0.29)
    Relativity.Kepler (1.0.1.627)
    Relativity.Kepler.Client (1.0.1.627)
      Relativity.Kepler (>= 1.0.1.627)
    Relativity.Logging (2018.11.8)
    Relativity.Logging.Interfaces (2018.11.8)
    Relativity.OAuth2Client (1.0.27)
      Newtonsoft.Json (>= 6.0.8)
      Relativity.OAuth2Client.Interfaces (>= 1.0.27)
    Relativity.OAuth2Client.Implicit (1.0.27)
      Newtonsoft.Json (>= 6.0.8)
      Relativity.OAuth2Client (>= 1.0.27)
      Relativity.OAuth2Client.Interfaces (>= 1.0.27)
    Relativity.OAuth2Client.Interfaces (1.0.27)
    Relativity.Productions.Services.Interfaces (10.3.37)
    Relativity.Services.DataContracts (10.3.142.22)
    Relativity.Services.Interfaces (10.3.142.22)
      Relativity.Services.DataContracts (>= 10.3.142.22)
    Relativity.Telemetry.APM (2019.1.0)
    Relativity.Telemetry.DataContracts.Shared (2019.1.0)
    Relativity.Telemetry.Services.Interface (2019.1.0)
    Relativity.Testing.Identification (1.6.0)
      NUnit (>= 3.11)
      NUnitExtras.HierarchicalCategories (>= 1.1)
    relativity.transfer.client (6.2.3)
      Newtonsoft.Json (>= 6.0.8)
      Polly (>= 5.3.1)
      relativity.faspmanager (3.7.2)
      SSH.NET (2016.0)
