RESTRICTION: == net462
NUGET
  remote: https://www.nuget.org/api/v2
    BCrypt-Official (0.1.109)
    Castle.Core (4.3.1)
    Microsoft.NETCore.Platforms (2.2)
    Moq (4.10.1)
      Castle.Core (>= 4.3.1)
      System.Threading.Tasks.Extensions (>= 4.5.1)
    NBuilder (6.0)
    NETStandard.Library (2.0.3)
      Microsoft.NETCore.Platforms (>= 1.1)
    Newtonsoft.Json (12.0.1)
    NuGetPowerTools (0.29)
    NUnit (3.11)
    Polly (6.1.2)
      NETStandard.Library (>= 1.6.1)
    SSH.NET (2016.0)
    System.Runtime.CompilerServices.Unsafe (4.5.2)
    System.Threading.Tasks.Extensions (4.5.2)
      System.Runtime.CompilerServices.Unsafe (>= 4.5.2)
    ZetaLongPaths (1.0.0.27)
  remote: https://proget.kcura.corp/NuGet/NuGet
    kCura (10.2.9.12)
      BCrypt-Official (>= 0.1.109)
      kCura.Injection (>= 10.2.9.12)
    kCura.Injection (10.2.9.12)
    kCura.OutsideIn.FI.Win32 (2018.9.1)
    Relativity (10.2.9.12)
    Relativity.DataTransfer.MessageService (10.2.0)
      Relativity.Kepler.Client (>= 1.0.1.445)
      Relativity.Telemetry.DataContracts.Shared (>= 9.4.159)
      Relativity.Telemetry.Services.Interface (>= 9.6.88.61)
    relativity.faspmanager (3.7.2.0)
      Newtonsoft.Json (>= 6.0.8)
      NuGetPowerTools (>= 0.29)
    Relativity.ImportExport (9.7.209.7)
      kCura (>= 9.7)
      kCura.OutsideIn.FI.Win32 (>= 2018.6.1)
      Relativity (>= 9.7)
      Relativity.DataTransfer.MessageService (>= 1.0.21)
      Relativity.Kepler.Client (>= 1.0.1.445)
      Relativity.Logging (>= 9.4.317)
      Relativity.OAuth2Client (>= 1.0.27)
      Relativity.OAuth2Client.Implicit (>= 1.0.27)
      Relativity.OAuth2Client.Interfaces (>= 1.0.27)
      relativity.transfer.client (>= 5.0.2)
      ZetaLongPaths (>= 1.0.0.16)
    Relativity.Kepler (1.0.1.589)
    Relativity.Kepler.Client (1.0.1.589)
      Relativity.Kepler (>= 1.0.1.589)
    Relativity.Logging (2018.11.5)
    Relativity.Logging.Interfaces (2018.11.5)
    Relativity.OAuth2Client (1.0.27)
      Newtonsoft.Json (>= 6.0.8)
      Relativity.OAuth2Client.Interfaces (>= 1.0.27)
    Relativity.OAuth2Client.Implicit (1.0.27)
      Newtonsoft.Json (>= 6.0.8)
      Relativity.OAuth2Client (>= 1.0.27)
      Relativity.OAuth2Client.Interfaces (>= 1.0.27)
    Relativity.OAuth2Client.Interfaces (1.0.27)
    Relativity.Telemetry.DataContracts.Shared (2019.1.0)
    Relativity.Telemetry.Services.Interface (2019.1.0)
    relativity.transfer.client (5.0.6)
      Newtonsoft.Json (>= 6.0.8)
      Polly (>= 5.3.1)
      relativity.faspmanager (3.7.2)
      SSH.NET (2016.0)
