RESTRICTION: == net462
NUGET
  remote: https://www.nuget.org/api/v2
    Castle.Core (4.3.1)
    Castle.Windsor (5.0)
      Castle.Core (>= 4.3.1)
    CsvHelper (12.1.2)
      System.ValueTuple (>= 4.4)
    extent (0.0.3)
    GitVersion.CommandLine (4.0)
    Microsoft.Build.Logging.StructuredLogger (1.0.89)
    Moq (4.10.1)
      Castle.Core (>= 4.3.1)
      System.Threading.Tasks.Extensions (>= 4.5.1)
    NBuilder (6.0)
    Newtonsoft.Json (6.0.8)
    NSubstitute (3.1)
      Castle.Core (>= 4.2)
      System.Threading.Tasks.Extensions (>= 4.3)
    NuGetPowerTools (0.29)
    NUnit (3.11)
    NUnit.ConsoleRunner (3.9)
    NUnit.Extension.VSProjectLoader (3.8)
    NUnitExtras.HierarchicalCategories (1.1)
      NUnit (>= 3.11)
    Polly (5.7)
    psake (4.7.4)
    RhinoMocks (3.6)
    SSH.NET (2016.0)
    StyleCop.Analyzers (1.0.2)
    System.Runtime.CompilerServices.Unsafe (4.5.2)
    System.Threading.Tasks.Extensions (4.5.2)
      System.Runtime.CompilerServices.Unsafe (>= 4.5.2)
    System.ValueTuple (4.5)
    ZetaLongPaths (1.0.0.27)
  remote: https://proget.kcura.corp/NuGet/NuGet
    kCura.OutsideIn.FI.Win32 (2019.2.0)
    kCura.Relativity.Client (10.2.32.58-DEV)
    Relativity (10.2.32.58-DEV)
    Relativity.DataTransfer.MessageService (10.2.0)
      Relativity.Kepler.Client (>= 1.0.1.445)
      Relativity.Telemetry.DataContracts.Shared (>= 9.4.159)
      Relativity.Telemetry.Services.Interface (>= 9.6.88.61)
    relativity.faspmanager (3.7.2.0)
      Newtonsoft.Json (>= 6.0.8)
      NuGetPowerTools (>= 0.29)
    Relativity.Kepler (1.0.1.627)
    Relativity.Kepler.Client (1.0.1.609)
      Relativity.Kepler (>= 1.0.1.609)
    Relativity.Logging (2019.4.3)
    Relativity.Logging.Interfaces (2019.4.3)
    Relativity.OAuth2Client (1.0.27)
      Newtonsoft.Json (>= 6.0.8)
      Relativity.OAuth2Client.Interfaces (>= 1.0.27)
    Relativity.OAuth2Client.Implicit (1.0.27)
      Newtonsoft.Json (>= 6.0.8)
      Relativity.OAuth2Client (>= 1.0.27)
      Relativity.OAuth2Client.Interfaces (>= 1.0.27)
    Relativity.OAuth2Client.Interfaces (1.0.27)
    Relativity.ObjectManager (10.2.32.58-DEV)
    Relativity.Productions.Services.Interfaces (10.2.21)
    Relativity.Telemetry.APM (2019.1.0)
    Relativity.Telemetry.DataContracts.Shared (2019.1.0)
    Relativity.Telemetry.Services.Interface (2019.1.0)
    Relativity.Testing.Identification (1.5.0)
      NUnit (>= 3.11)
      NUnitExtras.HierarchicalCategories (>= 1.1)
    relativity.transfer.client (6.0.3)
      Newtonsoft.Json (>= 6.0.8)
      Polly (>= 5.3.1)
      relativity.faspmanager (3.7.2)
      SSH.NET (2016.0)
