RESTRICTION: == net462
NUGET
  remote: https://relativity.jfrog.io/relativity/api/nuget/v3/nuget-anthology
    Castle.Core (4.4)
    Moq (4.13.1)
      Castle.Core (>= 4.4)
      System.Threading.Tasks.Extensions (>= 4.5.1)
    MSTest.TestAdapter (1.3.2)
    MSTest.TestFramework (1.3.2)
    System.Runtime.CompilerServices.Unsafe (4.5)
    System.Threading.Tasks.Extensions (4.5.1)
      System.Runtime.CompilerServices.Unsafe (>= 4.5)
    System.ValueTuple (4.5)
